GEM
  remote: https://rubygems.org/
  specs:
    async (2.21.3)
      console (~> 1.29)
      fiber-annotation
      io-event (~> 1.7)
      metrics (~> 0.12)
      traces (~> 0.15)
    async-container (0.18.3)
      async (~> 2.10)
    async-http (0.87.0)
      async (>= 2.10.2)
      async-pool (~> 0.9)
      io-endpoint (~> 0.14)
      io-stream (~> 0.6)
      metrics (~> 0.12)
      protocol-http (~> 0.49)
      protocol-http1 (~> 0.30)
      protocol-http2 (~> 0.22)
      traces (~> 0.10)
    async-http-cache (0.4.4)
      async-http (~> 0.56)
    async-pool (0.10.3)
      async (>= 1.25)
    async-service (0.12.0)
      async
      async-container (~> 0.16)
    console (1.29.2)
      fiber-annotation
      fiber-local (~> 1.1)
      json
    falcon (0.48.6)
      async
      async-container (~> 0.18)
      async-http (~> 0.75)
      async-http-cache (~> 0.4)
      async-service (~> 0.10)
      bundler
      localhost (~> 1.1)
      openssl (~> 3.0)
      process-metrics (~> 0.2)
      protocol-http (~> 0.31)
      protocol-rack (~> 0.7)
      samovar (~> 2.3)
    fiber-annotation (0.2.0)
    fiber-local (1.1.0)
      fiber-storage
    fiber-storage (1.0.0)
    io-endpoint (0.14.0)
    io-event (1.7.5)
    io-stream (0.6.1)
    json (2.9.1)
    localhost (1.3.1)
    mapping (1.1.1)
    metrics (0.12.1)
    openssl (3.3.0)
    process-metrics (0.3.0)
      console (~> 1.8)
      json (~> 2)
      samovar (~> 2.1)
    protocol-hpack (1.5.1)
    protocol-http (0.49.0)
    protocol-http1 (0.30.0)
      protocol-http (~> 0.22)
    protocol-http2 (0.22.1)
      protocol-hpack (~> 1.4)
      protocol-http (~> 0.47)
    protocol-rack (0.11.1)
      protocol-http (~> 0.43)
      rack (>= 1.0)
    rack (3.1.9)
    samovar (2.3.0)
      console (~> 1.0)
      mapping (~> 1.0)
    traces (0.15.2)

PLATFORMS
  ruby
  x86_64-linux

DEPENDENCIES
  async
  falcon (~> 0.48.6)

BUNDLED WITH
   2.6.2
